GEM
  remote: https://rubygems.org/
  specs:
    rack (1.6.11)

PLATFORMS
  ruby

DEPENDENCIES
  rack
