GEM
  remote: https://rubygems.org/
  specs:
    rack (2.0.8)

PLATFORMS
  ruby

DEPENDENCIES
  rack

RUBY VERSION
   ruby 2.6.3p62

BUNDLED WITH
   1.17.3
